GIT
  remote: https://github.com/JEG2/go_gtp.git
  revision: 5cd5a4de65cb8596eb191b47f77872c4b2b67741
  specs:
    go_gtp (0.0.5.alpha)

GEM
  remote: http://rubygems.org/
  specs:
    diff-lcs (1.1.3)
    git (1.2.5)
    growl (1.0.3)
    guard (1.3.2)
      listen (>= 0.4.2)
      thor (>= 0.14.6)
    guard-bundler (1.0.0)
      bundler (~> 1.0)
      guard (~> 1.1)
    guard-rspec (1.2.1)
      guard (>= 1.1)
    jeweler (1.8.4)
      bundler (~> 1.0)
      git (>= 1.2.5)
      rake
      rdoc
    json (1.7.5)
    listen (0.5.0)
    rake (0.9.2.2)
    rb-fsevent (0.9.1)
    rdoc (3.12)
      json (~> 1.4)
    rspec (2.8.0)
      rspec-core (~> 2.8.0)
      rspec-expectations (~> 2.8.0)
      rspec-mocks (~> 2.8.0)
    rspec-core (2.8.0)
    rspec-expectations (2.8.0)
      diff-lcs (~> 1.1.2)
    rspec-mocks (2.8.0)
    thor (0.16.0)

PLATFORMS
  ruby

DEPENDENCIES
  bundler (>= 1.0.0)
  go_gtp!
  growl
  guard (>= 0.6.2)
  guard-bundler (>= 0.1.3)
  guard-rspec (>= 0.4.3)
  jeweler (~> 1.8.4)
  rb-fsevent
  rdoc (~> 3.12)
  rspec (~> 2.8.0)
